GEM
  remote: https://rubygems.org/
  specs:
    nokogiri (1.14.3-arm64-darwin)
      racc (~> 1.4)
    nokogiri (1.14.3-x86_64-linux)
      racc (~> 1.4)
    racc (1.6.2)
    rexml (3.2.5)
    rss (0.2.9)
      rexml

PLATFORMS
  arm64-darwin-22
  x86_64-linux

DEPENDENCIES
  nokogiri (= 1.14.3)
  rss (= 0.2.9)

BUNDLED WITH
   2.4.10
