GEM
  remote: https://rubygems.org/
  specs:
    e2mmap (0.1.0)
    nokogiri (1.14.3-arm64-darwin)
      racc (~> 1.4)
    nokogiri (1.14.3-x86_64-linux)
      racc (~> 1.4)
    racc (1.6.2)
    shell (0.8.1)
      e2mmap
      sync
    sync (0.5.0)

PLATFORMS
  arm64-darwin-22
  x86_64-linux

DEPENDENCIES
  nokogiri (~> 1.14)
  shell (~> 0.8.1)

BUNDLED WITH
   2.4.10
